GEM
  remote: https://rubygems.org/
  specs:
    haml (4.0.6)
      tilt
    rake (13.0.1)
    tilt (2.0.1)

PLATFORMS
  ruby
  x86-mingw32

DEPENDENCIES
  haml
  rake (>= 12.3.3)

BUNDLED WITH
   1.17.3
